PATH
  remote: .
  specs:
    location-one (0.0.2)
      geocoder (~> 1.1)
      json

GEM
  remote: http://rubygems.org/
  specs:
    geocoder (1.1.2)
    json (1.7.3)

PLATFORMS
  ruby

DEPENDENCIES
  location-one!
