PATH
  remote: .
  specs:
    location-one (0.0.8)
      geocoder (~> 1.1)
      httpclient (= 2.2.7)
      json

GEM
  remote: http://rubygems.org/
  specs:
    geocoder (1.1.4)
    httpclient (2.2.7)
    json (1.7.5)

PLATFORMS
  ruby

DEPENDENCIES
  location-one!
